PATH
  remote: .
  specs:
    ole-qa-smoketest (4.3.0)
      chronic
      headless
      ole-qa-framework (>= 3.6.0)
      watir-webdriver

GEM
  remote: https://rubygems.org/
  specs:
    childprocess (0.5.1)
      ffi (~> 1.0, >= 1.0.11)
    chronic (0.10.2)
    diff-lcs (1.2.5)
    ffi (1.9.3)
    headless (1.0.1)
    multi_json (1.8.4)
    ole-qa-framework (3.12.2)
      headless
      rspec
      watir-webdriver (>= 0.6.5)
    rake (10.1.1)
    rspec (2.14.1)
      rspec-core (~> 2.14.0)
      rspec-expectations (~> 2.14.0)
      rspec-mocks (~> 2.14.0)
    rspec-core (2.14.7)
    rspec-expectations (2.14.5)
      diff-lcs (>= 1.1.3, < 2.0)
    rspec-mocks (2.14.5)
    rubyzip (1.1.0)
    selenium-webdriver (2.39.0)
      childprocess (>= 0.2.5)
      multi_json (~> 1.0)
      rubyzip (~> 1.0)
      websocket (~> 1.0.4)
    watir-webdriver (0.6.7)
      selenium-webdriver (>= 2.18.0)
    websocket (1.0.7)
    yard (0.8.7.3)

PLATFORMS
  ruby

DEPENDENCIES
  bundler
  ole-qa-smoketest!
  rake
  yard
